GEM
  remote: http://rubygems.org/
  specs:
    builder (3.0.0)
    cgi_multipart_eof_fix (2.5.0)
    cucumber (1.1.2)
      builder (>= 2.1.2)
      diff-lcs (>= 1.1.2)
      gherkin (~> 2.6.2)
      json (>= 1.4.6)
      term-ansicolor (>= 1.0.6)
    daemon (1.1.0)
    daemons (1.1.4)
    diff-lcs (1.1.3)
    fastthread (1.0.7)
    gem_plugin (0.2.3)
    gherkin (2.6.5)
      json (>= 1.4.6)
    git (1.2.5)
    httpclient (2.2.3)
    jeweler (1.6.4)
      bundler (~> 1.0)
      git (>= 1.2.5)
      rake
    json (1.6.1)
    mongrel (1.1.5)
      cgi_multipart_eof_fix (>= 2.4)
      daemons (>= 1.0.3)
      fastthread (>= 1.0.1)
      gem_plugin (>= 0.2.3)
    proxies (0.2.1)
    rack (1.3.5)
    rack-protection (1.1.4)
      rack
    rake (0.9.2.2)
    rcov (0.9.11)
    rspec (2.3.0)
      rspec-core (~> 2.3.0)
      rspec-expectations (~> 2.3.0)
      rspec-mocks (~> 2.3.0)
    rspec-core (2.3.1)
    rspec-expectations (2.3.0)
      diff-lcs (~> 1.1.2)
    rspec-mocks (2.3.0)
    s3 (0.3.9)
      proxies (~> 0.2.0)
    sinatra (1.3.1)
      rack (~> 1.3, >= 1.3.4)
      rack-protection (~> 1.1, >= 1.1.2)
      tilt (~> 1.3, >= 1.3.3)
    term-ansicolor (1.0.7)
    tilt (1.3.3)

PLATFORMS
  ruby

DEPENDENCIES
  bundler (~> 1.0.0)
  cucumber
  daemon (~> 1)
  httpclient (>= 2.2.1)
  jeweler (~> 1.6.4)
  mongrel (>= 1.1.5)
  rcov
  rspec (~> 2.3.0)
  s3 (~> 0.3)
  sinatra (>= 1.2.6)
