GEM
  remote: https://rubygems.org/
  specs:
    builder (3.0.0)
    cli (1.1.0)
    cucumber (1.1.3)
      builder (>= 2.1.2)
      diff-lcs (>= 1.1.2)
      gherkin (~> 2.6.7)
      json (>= 1.4.6)
      term-ansicolor (>= 1.0.6)
    daemon (1.1.0)
    daemons (1.0.10)
    diff-lcs (1.1.3)
    gem_plugin (0.2.3)
    gherkin (2.6.8)
      json (>= 1.4.6)
    git (1.2.5)
    haml (3.1.4)
    httpclient (2.2.4)
    httpthumbnailer (0.1.0)
      cli (~> 1.1.0)
      haml (~> 3)
      mongrel (>= 1.1.5)
      rmagick (~> 2)
      ruby-ip (~> 0.9)
      sinatra (>= 1.2.6)
    httpthumbnailer-client (0.1.0)
      httpclient (>= 2.2.1)
    jeweler (1.6.4)
      bundler (~> 1.0)
      git (>= 1.2.5)
      rake
    json (1.6.2)
    mime-types (1.17.2)
    mongrel (1.2.0.pre2)
      daemons (~> 1.0.10)
      gem_plugin (~> 0.2.3)
    prawn (0.8.4)
      prawn-core (>= 0.8.4, < 0.9)
      prawn-layout (>= 0.8.4, < 0.9)
      prawn-security (>= 0.8.4, < 0.9)
    prawn-core (0.8.4)
    prawn-layout (0.8.4)
    prawn-security (0.8.4)
    proxies (0.2.1)
    rack (1.3.5)
    rack-protection (1.1.4)
      rack
    rake (0.9.2.2)
    rcov (0.9.11)
    rdoc (3.11)
      json (~> 1.4)
    retry-this (1.1)
    rmagick (2.13.1)
    rspec (2.8.0)
      rspec-core (~> 2.8.0)
      rspec-expectations (~> 2.8.0)
      rspec-mocks (~> 2.8.0)
    rspec-core (2.8.0)
    rspec-expectations (2.8.0)
      diff-lcs (~> 1.1.2)
    rspec-mocks (2.8.0)
    ruby-ip (0.9.0)
    s3 (0.3.9)
      proxies (~> 0.2.0)
    sinatra (1.3.1)
      rack (~> 1.3, >= 1.3.4)
      rack-protection (~> 1.1, >= 1.1.2)
      tilt (~> 1.3, >= 1.3.3)
    term-ansicolor (1.0.7)
    tilt (1.3.3)

PLATFORMS
  ruby

DEPENDENCIES
  cli (~> 1.1.0)
  cucumber
  daemon (~> 1)
  httpthumbnailer (~> 0.1.0)
  httpthumbnailer-client (~> 0.1.0)
  jeweler (~> 1.6.4)
  mime-types (~> 1.17.2)
  mongrel (>= 1.2.0.pre2)
  prawn (= 0.8.4)
  rcov
  rdoc (~> 3.9)
  retry-this (~> 1.1)
  rspec (~> 2.8.0)
  ruby-ip (~> 0.9)
  s3 (~> 0.3)
  sinatra (>= 1.2.6)
