PATH
  remote: ../httpthumbnailer
  specs:
    httpthumbnailer (1.0.0)
      rmagick (~> 2)
      unicorn-cuba-base

PATH
  remote: ../httpthumbnailer-client
  specs:
    httpthumbnailer-client (1.0.0)
      cli (~> 1.1.0)
      httpclient (>= 2.2.1)
      multipart-parser (~> 0.1.1)

PATH
  remote: ../unicorn-cuba-base
  specs:
    unicorn-cuba-base (0.0.0)
      cli (~> 1.1.0)
      cuba (~> 3.0)
      daemon (~> 1)
      facter (~> 1.6.11)
      raindrops (~> 0.11)
      ruby-ip (~> 0.9)
      unicorn (>= 4.6.2)

GEM
  remote: http://rubygems.org/
  specs:
    builder (3.0.0)
    cli (1.1.1)
    cuba (3.1.0)
      rack
    cucumber (1.2.1)
      builder (>= 2.1.2)
      diff-lcs (>= 1.1.3)
      gherkin (~> 2.11.0)
      json (>= 1.4.6)
    daemon (1.1.0)
    diff-lcs (1.1.3)
    facter (1.6.18)
    gherkin (2.11.2)
      json (>= 1.4.6)
    git (1.2.5)
    httpclient (2.3.3)
    jeweler (1.8.4)
      bundler (~> 1.0)
      git (>= 1.2.5)
      rake
      rdoc
    json (1.7.5)
    kgio (2.8.0)
    mime-types (1.17.2)
    multipart-parser (0.1.1)
    prawn (0.8.4)
      prawn-core (>= 0.8.4, < 0.9)
      prawn-layout (>= 0.8.4, < 0.9)
      prawn-security (>= 0.8.4, < 0.9)
    prawn-core (0.8.4)
    prawn-layout (0.8.4)
    prawn-security (0.8.4)
    rack (1.5.2)
    raindrops (0.11.0)
    rake (10.0.4)
    rdoc (3.12)
      json (~> 1.4)
    right_aws (3.0.4)
      right_http_connection (>= 1.2.5)
    right_http_connection (1.3.0)
    rmagick (2.13.2)
    rspec (2.13.0)
      rspec-core (~> 2.13.0)
      rspec-expectations (~> 2.13.0)
      rspec-mocks (~> 2.13.0)
    rspec-core (2.13.1)
    rspec-expectations (2.13.0)
      diff-lcs (>= 1.1.3, < 2.0)
    rspec-mocks (2.13.1)
    ruby-ip (0.9.1)
    unicorn (4.6.2)
      kgio (~> 2.6)
      rack
      raindrops (~> 0.7)

PLATFORMS
  ruby

DEPENDENCIES
  cucumber
  daemon (~> 1)
  httpthumbnailer!
  httpthumbnailer-client!
  jeweler (~> 1.8.4)
  mime-types (~> 1.17)
  prawn (= 0.8.4)
  rdoc (~> 3.9)
  right_aws (~> 3.0)
  rspec (~> 2.13)
  unicorn-cuba-base!
