GEM
  remote: http://rubygems.org/
  specs:
    builder (3.0.0)
    cli (1.1.1)
    cucumber (1.2.1)
      builder (>= 2.1.2)
      diff-lcs (>= 1.1.3)
      gherkin (~> 2.11.0)
      json (>= 1.4.6)
    daemon (1.1.0)
    daemons (1.0.10)
    diff-lcs (1.1.3)
    gem_plugin (0.2.3)
    gherkin (2.11.2)
      json (>= 1.4.6)
    git (1.2.5)
    haml (3.1.7)
    httpclient (2.2.7)
    httpthumbnailer (0.3.1)
      cli (~> 1.1.0)
      haml (~> 3)
      mongrel (>= 1.2.0.pre2)
      rmagick (~> 2)
      ruby-ip (~> 0.9)
      sinatra (>= 1.2.6)
    httpthumbnailer-client (0.1.1)
      httpclient (>= 2.2)
    jeweler (1.6.4)
      bundler (~> 1.0)
      git (>= 1.2.5)
      rake
    json (1.7.5)
    mime-types (1.17.2)
    mongrel (1.2.0.pre2)
      daemons (~> 1.0.10)
      gem_plugin (~> 0.2.3)
    multi_json (1.3.6)
    prawn (0.8.4)
      prawn-core (>= 0.8.4, < 0.9)
      prawn-layout (>= 0.8.4, < 0.9)
      prawn-security (>= 0.8.4, < 0.9)
    prawn-core (0.8.4)
    prawn-layout (0.8.4)
    prawn-security (0.8.4)
    proxies (0.2.1)
    rack (1.4.1)
    rack-protection (1.2.0)
      rack
    rake (0.9.2.2)
    rdoc (3.12)
      json (~> 1.4)
    retry-this (1.1)
    rmagick (2.13.1)
    rspec (2.8.0)
      rspec-core (~> 2.8.0)
      rspec-expectations (~> 2.8.0)
      rspec-mocks (~> 2.8.0)
    rspec-core (2.8.0)
    rspec-expectations (2.8.0)
      diff-lcs (~> 1.1.2)
    rspec-mocks (2.8.0)
    ruby-ip (0.9.1)
    s3 (0.3.11)
      proxies (~> 0.2.0)
    simplecov (0.6.4)
      multi_json (~> 1.0)
      simplecov-html (~> 0.5.3)
    simplecov-html (0.5.3)
    sinatra (1.3.3)
      rack (~> 1.3, >= 1.3.6)
      rack-protection (~> 1.2)
      tilt (~> 1.3, >= 1.3.3)
    tilt (1.3.3)

PLATFORMS
  ruby

DEPENDENCIES
  cli (~> 1.1.0)
  cucumber
  daemon (~> 1)
  httpthumbnailer (~> 0.2)
  httpthumbnailer-client (~> 0.1.0)
  jeweler (~> 1.6.4)
  mime-types (~> 1.17.2)
  mongrel (>= 1.2.0.pre2)
  prawn (= 0.8.4)
  rdoc (~> 3.9)
  retry-this (~> 1.1)
  rspec (~> 2.8.0)
  ruby-ip (~> 0.9)
  s3 (~> 0.3)
  simplecov
  sinatra (>= 1.2.6)
