PATH
  remote: ../httpthumbnailer
  specs:
    httpthumbnailer (1.1.1)
      rmagick (~> 2)
      unicorn-cuba-base (~> 1.1.1)

GEM
  remote: http://rubygems.org/
  specs:
    addressable (2.3.5)
    aws-sdk (1.18.0)
      json (~> 1.4)
      nokogiri (< 1.6.0)
      uuidtools (~> 2.1)
    builder (3.2.2)
    cli (1.3.1)
    cuba (3.1.0)
      rack
    cucumber (1.3.8)
      builder (>= 2.1.2)
      diff-lcs (>= 1.1.3)
      gherkin (~> 2.12.1)
      multi_json (>= 1.7.5, < 2.0)
      multi_test (>= 0.0.2)
    daemon (1.1.0)
    diff-lcs (1.2.4)
    facter (1.6.18)
    faraday (0.8.8)
      multipart-post (~> 1.2.0)
    gherkin (2.12.1)
      multi_json (~> 1.3)
    git (1.2.6)
    github_api (0.10.1)
      addressable
      faraday (~> 0.8.1)
      hashie (>= 1.2)
      multi_json (~> 1.4)
      nokogiri (~> 1.5.2)
      oauth2
    hashie (2.0.5)
    highline (1.6.20)
    httpauth (0.2.0)
    httpclient (2.3.4.1)
    httpthumbnailer-client (1.1.1)
      cli (~> 1.3)
      httpclient (>= 2.3)
      multipart-parser (~> 0.1.1)
    jeweler (1.8.8)
      builder
      bundler (~> 1.0)
      git (>= 1.2.5)
      github_api (= 0.10.1)
      highline (>= 1.6.15)
      nokogiri (= 1.5.10)
      rake
      rdoc
    json (1.8.1)
    jwt (0.1.8)
      multi_json (>= 1.5)
    kgio (2.8.1)
    mime-types (1.25)
    msgpack (0.5.5)
    multi_json (1.8.2)
    multi_test (0.0.2)
    multi_xml (0.5.5)
    multipart-parser (0.1.1)
    multipart-post (1.2.0)
    nokogiri (1.5.10)
    oauth2 (0.9.2)
      faraday (~> 0.8)
      httpauth (~> 0.2)
      jwt (~> 0.1.4)
      multi_json (~> 1.0)
      multi_xml (~> 0.5)
      rack (~> 1.2)
    prawn (0.8.4)
      prawn-core (>= 0.8.4, < 0.9)
      prawn-layout (>= 0.8.4, < 0.9)
      prawn-security (>= 0.8.4, < 0.9)
    prawn-core (0.8.4)
    prawn-layout (0.8.4)
    prawn-security (0.8.4)
    rack (1.5.2)
    raindrops (0.12.0)
    rake (10.1.0)
    rdoc (3.12.2)
      json (~> 1.4)
    rmagick (2.13.2)
    rspec (2.14.1)
      rspec-core (~> 2.14.0)
      rspec-expectations (~> 2.14.0)
      rspec-mocks (~> 2.14.0)
    rspec-core (2.14.5)
    rspec-expectations (2.14.2)
      diff-lcs (>= 1.1.3, < 2.0)
    rspec-mocks (2.14.3)
    ruby-ip (0.9.1)
    sdl4r (0.9.11)
    unicorn (4.6.3)
      kgio (~> 2.6)
      rack
      raindrops (~> 0.7)
    unicorn-cuba-base (1.1.2)
      cli (~> 1.3)
      cuba (~> 3.0)
      facter (~> 1.6.11)
      raindrops (~> 0.11)
      ruby-ip (~> 0.9)
      unicorn (>= 4.6.2)
    uuidtools (2.1.4)

PLATFORMS
  ruby

DEPENDENCIES
  aws-sdk (~> 1.10)
  cucumber
  daemon (~> 1)
  httpclient (>= 2.3)
  httpthumbnailer!
  httpthumbnailer-client (~> 1.1.1)
  jeweler (~> 1.8.4)
  mime-types (~> 1.17)
  msgpack (~> 0.5)
  prawn (= 0.8.4)
  rdoc (~> 3.9)
  rspec (~> 2.13)
  sdl4r (~> 0.9)
  unicorn-cuba-base (~> 1.1.2)
